PATH
  remote: .
  specs:
    bunsen (0.0.2)
      bson_ext (~> 1.12)
      chronic (~> 0.10)
      formatador (~> 0.2)
      mongo (~> 1.12)
      thor (~> 0.19)

GEM
  remote: https://rubygems.org/
  specs:
    bson (1.12.0)
    bson_ext (1.12.0)
      bson (~> 1.12.0)
    chronic (0.10.2)
    coderay (1.1.0)
    formatador (0.2.5)
    method_source (0.8.2)
    mongo (1.12.0)
      bson (= 1.12.0)
    pry (0.10.1)
      coderay (~> 1.1.0)
      method_source (~> 0.8.1)
      slop (~> 3.4)
    rake (10.3.2)
    slop (3.6.0)
    thor (0.19.1)

PLATFORMS
  ruby

DEPENDENCIES
  bundler (~> 1.7)
  bunsen!
  pry
  rake (~> 10.0)
