GEM
  remote: https://rubygems.org/
  specs:
    bson (1.10.2)
    bson_ext (1.10.1)
      bson (~> 1.10.1)
    coderay (1.1.0)
    formatador (0.2.4)
    method_source (0.8.2)
    mongo (1.10.2)
      bson (= 1.10.2)
    pry (0.9.12.6)
      coderay (~> 1.0)
      method_source (~> 0.8)
      slop (~> 3.4)
    slop (3.5.0)
    thor (0.19.1)

PLATFORMS
  ruby

DEPENDENCIES
  bson_ext
  formatador
  mongo
  pry
  thor
